GEM
  specs:
    coderay (1.1.2)
    figaro (1.1.1)
      thor (~> 0.14)
    method_source (0.8.2)
    pry (0.10.4)
      coderay (~> 1.1.0)
      method_source (~> 0.8.1)
      slop (~> 3.4)
    slop (3.6.0)
    thor (0.20.0)

PLATFORMS
  ruby

DEPENDENCIES
  figaro
  pry

BUNDLED WITH
   1.16.0.pre.2
